GEM
  remote: http://rubygems.org/
  specs:
    chingu (0.9rc7)
      gosu (>= 0.7.33)
      gosu (>= 0.7.33)
    chipmunk (5.3.4.5-x86-mingw32)
    gosu (0.7.43-x86-mingw32)
    texplay (0.3.5-x86-mingw32)
      gosu (>= 0.7.25)
    texplay (0.4.2)

PLATFORMS
  x86-mingw32

DEPENDENCIES
  chingu (~> 0.9rc7)
  chipmunk (~> 5.3.4.5)
  gosu (~> 0.7.43)
  texplay (~> 0.3)
