GEM
  remote: http://rubygems.org/
  specs:
    chingu (0.9rc7)
      gosu (>= 0.7.33)
      gosu (>= 0.7.33)
    chipmunk (5.3.4.5-x86-mingw32)
    diff-lcs (1.1.3)
    gosu (0.7.43-x86-mingw32)
    log4r (1.1.10)
    rr (1.0.4)
    rspec (2.10.0)
      rspec-core (~> 2.10.0)
      rspec-expectations (~> 2.10.0)
      rspec-mocks (~> 2.10.0)
    rspec-core (2.10.1)
    rspec-expectations (2.10.0)
      diff-lcs (~> 1.1.3)
    rspec-mocks (2.10.1)
    slop (3.3.2)
    texplay (0.3.5-x86-mingw32)
      gosu (>= 0.7.25)

PLATFORMS
  x86-mingw32

DEPENDENCIES
  chingu (~> 0.9rc7)
  chipmunk (~> 5.3.4.5)
  gosu (~> 0.7.43)
  log4r (~> 1.1.10)
  rr (~> 1.0.4)
  rspec (~> 2.10.0)
  slop (~> 3.3.2)
  texplay (~> 0.3)
