GEM
  remote: http://rubygems.org/
  specs:
    chingu (0.9rc8)
      gosu (>= 0.7.43)
      gosu (>= 0.7.43)
    chipmunk (5.3.4.5-x86-mingw32)
    coderay (1.0.7)
    cri (2.1.0)
    diff-lcs (1.1.3)
    faster_xml_simple (0.5.0)
      libxml-ruby (>= 0.3.8.4)
    gosu (0.7.43-x86-mingw32)
    httpclient (2.2.4)
    json (1.6.5)
    libxml-ruby (2.2.2-x86-mingw32)
    log4r (1.1.10)
    method_source (0.7.1)
    net-github-upload (0.0.8)
      faster_xml_simple
      httpclient
      json
      nokogiri (>= 1.4.0)
    nokogiri (1.5.2-x86-mingw32)
    ocra (1.3.0)
    perlin (0.1.0pre1-x86-mingw32)
    pry (0.9.9.6-x86-mingw32)
      coderay (~> 1.0.5)
      method_source (~> 0.7.1)
      slop (>= 2.4.4, < 3)
      win32console (~> 1.3)
    pry-remote (0.1.5)
      pry (~> 0.9.9)
      slop (~> 2.1)
    rake (0.9.2.2)
    releasy (0.2.2)
      cri (~> 2.1.0)
      net-github-upload (~> 0.0.8)
      ocra (~> 1.3.0)
      rake (~> 0.9.2.2)
      thor (~> 0.14.6)
    rr (1.0.4)
    rspec (2.10.0)
      rspec-core (~> 2.10.0)
      rspec-expectations (~> 2.10.0)
      rspec-mocks (~> 2.10.0)
    rspec-core (2.10.1)
    rspec-expectations (2.10.0)
      diff-lcs (~> 1.1.3)
    rspec-mocks (2.10.1)
    slop (2.4.4)
    texplay (0.3.5-x86-mingw32)
      gosu (>= 0.7.25)
    texplay (0.4.2)
    thor (0.14.6)
    win32console (1.3.2-x86-mingw32)

PLATFORMS
  x86-mingw32

DEPENDENCIES
  chingu (~> 0.9rc8)
  chipmunk (~> 5.3.4.5)
  gosu (~> 0.7.43)
  log4r (~> 1.1.10)
  perlin (~> 0.1.0pre1)
  pry (~> 0.9.9.6)
  pry-remote (~> 0.1.5)
  releasy (~> 0.2.2)
  rr (~> 1.0.4)
  rspec (~> 2.10.0)
  slop (>= 2.4.4, < 3)
  texplay (~> 0.3)
